GEM
  remote: https://rubygems.org/
  specs:
    minitest (5.11.3)
    minitest-spec-context (0.0.3)

PLATFORMS
  ruby

DEPENDENCIES
  minitest
  minitest-spec-context

BUNDLED WITH
   2.0.2
